GEM
  remote: https://rubygems.org/
  specs:
    chunky_png (1.3.11)

PLATFORMS
  x64-mingw32

DEPENDENCIES
  chunky_png

BUNDLED WITH
   2.1.4
